PATH
  remote: .
  specs:
    depy (0.0.1)
      thor

GEM
  remote: https://rubygems.org/
  specs:
    thor (0.19.1)

PLATFORMS
  ruby

DEPENDENCIES
  depy!
